GEM
  remote: https://rubygems.org/
  specs:
    titleize (1.4.1)

PLATFORMS
  ruby

DEPENDENCIES
  titleize

BUNDLED WITH
   2.0.2
